PATH
  remote: .
  specs:
    ulaminate (0.1.0)
      bitset (~> 1.1)
      chunky_png (~> 1.3)

GEM
  remote: https://rubygems.org/
  specs:
    bitset (1.1.0)
    chunky_png (1.3.10)
    minitest (5.11.3)
    rake (13.0.1)

PLATFORMS
  ruby

DEPENDENCIES
  bundler (~> 1.16)
  minitest (~> 5.0)
  rake (~> 13.0)
  ulaminate!

BUNDLED WITH
   1.16.1
